GEM
  remote: https://rubygems.org/
  specs:
    execjs (2.6.0)
    json (1.8.3)
    libv8 (3.16.14.13)
    mini_magick (4.4.0)
    rake (10.5.0)
    ref (2.0.0)
    therubyracer (0.12.2)
      libv8 (~> 3.16.14.0)
      ref
    uglifier (2.7.2)
      execjs (>= 0.3.0)
      json (>= 1.8.0)

PLATFORMS
  ruby

DEPENDENCIES
  mini_magick
  rake
  therubyracer
  uglifier

BUNDLED WITH
   1.11.2
