GEM
  remote: https://rubygems.org/
  specs:
    concurrent-ruby (1.0.1)
    execjs (2.6.0)
    hike (1.2.3)
    json (1.8.3)
    libv8 (3.16.14.13)
    mini_magick (4.4.0)
    opal (0.8.1)
      hike (~> 1.2)
      sourcemap (~> 0.1.0)
      sprockets (~> 3.1)
      tilt (>= 1.4)
    opal-phaser (0.4.5)
      opal (>= 0.8.0, <= 0.9.0)
      opal-pixi
    opal-pixi (0.3.4)
      opal (>= 0.8.0, < 0.9.0)
    rack (1.6.4)
    rake (10.5.0)
    ref (2.0.0)
    sourcemap (0.1.1)
    sprockets (3.5.2)
      concurrent-ruby (~> 1.0)
      rack (> 1, < 3)
    therubyracer (0.12.2)
      libv8 (~> 3.16.14.0)
      ref
    tilt (2.0.2)
    uglifier (2.7.2)
      execjs (>= 0.3.0)
      json (>= 1.8.0)

PLATFORMS
  ruby

DEPENDENCIES
  mini_magick
  opal
  opal-phaser
  rake
  therubyracer
  uglifier

BUNDLED WITH
   1.11.2
