GEM
  remote: https://rubygems.org/
  specs:
    coderay (1.1.1)
    execjs (2.6.0)
    json (1.8.3)
    libv8 (3.16.14.13)
    method_source (0.8.2)
    mini_magick (4.4.0)
    pry (0.10.3)
      coderay (~> 1.1.0)
      method_source (~> 0.8.1)
      slop (~> 3.4)
    rake (10.5.0)
    ref (2.0.0)
    slop (3.6.0)
    therubyracer (0.12.2)
      libv8 (~> 3.16.14.0)
      ref
    uglifier (2.7.2)
      execjs (>= 0.3.0)
      json (>= 1.8.0)

PLATFORMS
  ruby

DEPENDENCIES
  mini_magick
  pry
  rake
  therubyracer
  uglifier

BUNDLED WITH
   1.11.2
